Skip to content
Search or jump toâ€¦
Pull requests
Issues
Marketplace
Explore

@pwd-Brad
wathigo
/
issue-responder-tutorial
Public
Code
Issues
Pull requests
3
Actions
Projects
Security
Insights
issue-responder-tutorial/Gemfile.lock
@wathigo
wathigo Adds template files
Latest commit f778c02 on May 5, 2020
 History
 1 contributor
38 lines (35 sloc)  722 Bytes

GEM
  remote: http://rubygems.org/
  specs:
    addressable (2.5.2)
      public_suffix (>= 2.0.2, < 4.0)
    dotenv (2.5.0)
    faraday (0.15.3)
      multipart-post (>= 1.2, < 3)
    jwt (2.1.0)
    multipart-post (2.0.0)
    mustermann (1.0.3)
    octokit (4.13.0)
      sawyer (~> 0.8.0, >= 0.5.3)
    public_suffix (3.0.3)
    rack (2.0.8)
    rack-protection (2.0.4)
      rack
    sawyer (0.8.1)
      addressable (>= 2.3.5, < 2.6)
      faraday (~> 0.8, < 1.0)
    sinatra (2.0.4)
      mustermann (~> 1.0)
      rack (~> 2.0)
      rack-protection (= 2.0.4)
      tilt (~> 2.0)
    tilt (2.0.8)

PLATFORMS
  ruby

DEPENDENCIES
  dotenv
  jwt (~> 2.1)
  octokit (~> 4.0)
  sinatra (~> 2.0)

BUNDLED WITH
   1.17.1